GEM
  remote: https://rubygems.org/
  specs:
    addressable (2.6.0)
      public_suffix (>= 2.0.2, < 4.0)
    adomain (0.1.1)
      addressable (~> 2.5)
    arachnid2 (0.3.1)
      addressable
      adomain
      bloomfilter-rb
      nokogiri (>= 1.8.5)
      typhoeus
      watir
      webdriver-user-agent (>= 7.6)
      webdrivers
    bloomfilter-rb (2.1.1)
      redis
    childprocess (0.9.0)
      ffi (~> 1.0, >= 1.0.11)
    ethon (0.12.0)
      ffi (>= 1.3.0)
    facets (3.1.0)
    ffi (1.10.0)
    json (2.2.0)
    lemmatizer (0.2.1)
    mini_portile2 (2.4.0)
    net_http_ssl_fix (0.0.10)
    nokogiri (1.10.1)
      mini_portile2 (~> 2.4.0)
    os (1.0.0)
    psych (3.1.0)
    public_suffix (3.0.3)
    redis (4.1.0)
    regexp_parser (1.3.0)
    ruby-stemmer (0.9.6)
    rubyzip (1.2.2)
    selenium-webdriver (3.141.0)
      childprocess (~> 0.5)
      rubyzip (~> 1.2, >= 1.2.2)
    typhoeus (1.3.1)
      ethon (>= 0.9.0)
    watir (6.16.5)
      regexp_parser (~> 1.2)
      selenium-webdriver (~> 3.6)
    webdriver-user-agent (7.6)
      facets
      json
      os
      psych
      selenium-webdriver (>= 3.4.0)
    webdrivers (3.6.0)
      net_http_ssl_fix
      nokogiri (~> 1.6)
      rubyzip (~> 1.0)
      selenium-webdriver (~> 3.0)

PLATFORMS
  ruby

DEPENDENCIES
  arachnid2
  lemmatizer
  nokogiri
  ruby-stemmer

BUNDLED WITH
   1.16.6
